PATH
  remote: .
  specs:
    pirate_game (0.0.1.20131109145744)
      json (~> 1.8.0)
      pirate_command (~> 0.0, >= 0.0.2)
      shuttlecraft (~> 0.0)

PATH
  remote: ../shoes4
  specs:
    shoes (4.0.0.pre1)
      after_do
      furoshiki (>= 0.1.2)
      log4jruby
      nokogiri
      swt (~> 0.17)

PATH
  remote: ../shuttlecraft
  specs:
    shuttlecraft (0.0.1.20131109144716)
      RingyDingy (~> 1.6)

GEM
  remote: https://rubygems.org/
  specs:
    RingyDingy (1.6)
    after_do (0.1.0)
    coderay (1.0.9)
    ffi (1.9.3-java)
    forgery (0.5.0)
    furoshiki (0.1.2)
      plist
      rubyzip (< 1.0.0)
      warbler
    hoe (3.7.1)
      rake (>= 0.8, < 11.0)
    jruby-jars (1.7.6)
    jruby-rack (1.1.13.2)
    json (1.8.1-java)
    log4jruby (0.5.0-java)
    method_source (0.8.2)
    mini_portile (0.5.2)
    minitest (5.0.8)
    nokogiri (1.6.0-java)
      mini_portile (~> 0.5.0)
    pirate_command (0.0.2)
      forgery (~> 0.5.0)
    plist (3.1.0)
    pry (0.9.12.2-java)
      coderay (~> 1.0.5)
      method_source (~> 0.8)
      slop (~> 3.4)
      spoon (~> 0.0)
    rake (10.1.0)
    rdoc (4.0.1)
      json (~> 1.4)
    rubyzip (0.9.9)
    slop (3.4.6)
    spoon (0.0.4)
      ffi
    swt (0.18)
    warbler (1.3.8)
      jruby-jars (>= 1.5.6)
      jruby-rack (>= 1.0.0)
      rake (>= 0.9.6)
      rubyzip (>= 0.9.8)

PLATFORMS
  java

DEPENDENCIES
  hoe
  minitest
  pirate_command
  pirate_game!
  pry
  rdoc (~> 4.0)
  shoes!
  shuttlecraft!
